GEM
  remote: http://rubygems.org/
  specs:
    rack (1.4.7)
    sinatra (1.1.2)
      rack (~> 1.1)
      tilt (~> 1.2)
    tilt (1.2.2)

PLATFORMS
  ruby

DEPENDENCIES
  rack (~> 1.4.5)
  sinatra
