GEM
  remote: http://rubygems.org/
  specs:
    nio4r (2.5.8)
    puma (5.6.4)
      nio4r (~> 2.0)
    rack (2.2.3)
    roda (3.54.0)
      rack
    slim (4.1.0)
      temple (>= 0.7.6, < 0.9)
      tilt (>= 2.0.6, < 2.1)
    temple (0.8.2)
    tilt (2.0.10)

PLATFORMS
  ruby

DEPENDENCIES
  puma
  rack (>= 2.0.6)
  roda
  slim

RUBY VERSION
   ruby 3.1.1p18

BUNDLED WITH
   2.3.10
