GEM
  remote: https://rubygems.org/
  specs:
    diff-lcs (1.5.1)
    nio4r (2.7.4)
    puma (6.6.0)
      nio4r (~> 2.0)
    rack (3.1.12)
    rack-test (2.2.0)
      rack (>= 1.3)
    rake (13.2.1)
    roda (3.90.0)
      rack
    rspec (3.13.0)
      rspec-core (~> 3.13.0)
      rspec-expectations (~> 3.13.0)
      rspec-mocks (~> 3.13.0)
    rspec-core (3.13.2)
      rspec-support (~> 3.13.0)
    rspec-expectations (3.13.3)
      diff-lcs (>= 1.2.0, < 2.0)
      rspec-support (~> 3.13.0)
    rspec-mocks (3.13.2)
      diff-lcs (>= 1.2.0, < 2.0)
      rspec-support (~> 3.13.0)
    rspec-support (3.13.2)
    slim (5.2.1)
      temple (~> 0.10.0)
      tilt (>= 2.1.0)
    temple (0.10.3)
    tilt (2.5.0)

PLATFORMS
  ruby

DEPENDENCIES
  puma
  rack (>= 2.0.6)
  rack-test
  rake
  roda
  rspec
  slim

RUBY VERSION
   ruby 3.4.1p0

BUNDLED WITH
   2.6.2
