GEM
  remote: http://rubygems.org/
  specs:
    foreman (0.84.0)
      thor (~> 0.19.1)
    puma (3.11.3)
    rack (1.4.7)
    rack-protection (1.5.5)
      rack
    sinatra (1.4.6)
      rack (~> 1.4)
      rack-protection (~> 1.4)
      tilt (>= 1.3, < 3)
    slim (3.0.9)
      temple (>= 0.7.6, < 0.9)
      tilt (>= 1.3.3, < 2.1)
    temple (0.8.0)
    thor (0.19.4)
    tilt (2.0.8)

PLATFORMS
  ruby

DEPENDENCIES
  foreman
  puma
  rack (~> 1.4.5)
  sinatra
  slim

RUBY VERSION
   ruby 2.5.0p0

BUNDLED WITH
   1.16.1
