GEM
  remote: https://rubygems.org/
  specs:
    diff-lcs (1.5.0)
    nio4r (2.5.9)
    puma (6.3.1)
      nio4r (~> 2.0)
    rack (3.0.8)
    rack-test (2.1.0)
      rack (>= 1.3)
    rake (13.0.6)
    roda (3.72.0)
      rack
    rspec (3.12.0)
      rspec-core (~> 3.12.0)
      rspec-expectations (~> 3.12.0)
      rspec-mocks (~> 3.12.0)
    rspec-core (3.12.0)
      rspec-support (~> 3.12.0)
    rspec-expectations (3.12.0)
      diff-lcs (>= 1.2.0, < 2.0)
      rspec-support (~> 3.12.0)
    rspec-mocks (3.12.0)
      diff-lcs (>= 1.2.0, < 2.0)
      rspec-support (~> 3.12.0)
    rspec-support (3.12.0)
    slim (5.1.1)
      temple (~> 0.10.0)
      tilt (>= 2.1.0)
    temple (0.10.1)
    tilt (2.1.0)

PLATFORMS
  ruby

DEPENDENCIES
  puma
  rack (>= 2.0.6)
  rack-test
  rake
  roda
  rspec
  slim

RUBY VERSION
   ruby 3.2.2p53

BUNDLED WITH
   2.3.10
